GEM
  remote: http://rubygems.org/
  specs:
    activesupport (3.0.12)
    coderay (1.0.6)
    diff-lcs (1.1.3)
    ffi (1.0.11)
    git (1.2.5)
    guard (1.0.1)
      ffi (>= 0.5.0)
      thor (~> 0.14.6)
    guard-rspec (0.7.0)
      guard (>= 0.10.0)
    guard-shell (0.4.0)
      guard (>= 0.2.0)
    i18n (0.6.0)
    jeweler (1.8.3)
      bundler (~> 1.0)
      git (>= 1.2.5)
      rake
      rdoc
    json (1.6.6)
    method_source (0.7.1)
    pry (0.9.9.3)
      coderay (~> 1.0.5)
      method_source (~> 0.7.1)
      slop (>= 2.4.4, < 3)
    rake (0.9.2.2)
    rdoc (3.12)
      json (~> 1.4)
    rparsec-ruby19 (1.0)
    rspec (2.8.0)
      rspec-core (~> 2.8.0)
      rspec-expectations (~> 2.8.0)
      rspec-mocks (~> 2.8.0)
    rspec-core (2.8.0)
    rspec-expectations (2.8.0)
      diff-lcs (~> 1.1.2)
    rspec-mocks (2.8.0)
    slop (2.4.4)
    thor (0.14.6)

PLATFORMS
  ruby

DEPENDENCIES
  activesupport (>= 3.0.0)
  guard-rspec
  guard-shell
  i18n (>= 0.6.0)
  jeweler (~> 1.8.3)
  pry
  rdoc (~> 3.12)
  rparsec-ruby19 (>= 1.0)
  rspec (~> 2.8.0)
